GEM
  remote: https://rubygems.org/
  specs:
    autoprefixer-rails (5.1.0)
      execjs
      json
    bootstrap-sass (3.3.3)
      autoprefixer-rails (>= 5.0.0.1)
      sass (>= 3.2.19)
    chunky_png (1.3.0)
    compass (0.12.5)
      chunky_png (~> 1.2)
      fssm (>= 0.2.7)
      sass (~> 3.2.19)
    execjs (2.2.2)
    fssm (0.2.10)
    json (1.8.2)
    kramdown (1.3.3)
    sass (3.2.19)

PLATFORMS
  ruby

DEPENDENCIES
  bootstrap-sass
  compass
  kramdown
  sass
